PATH
  remote: .
  specs:
    status-page (0.1.0)
      rufus-scheduler (~> 3.6)
      tabulate (~> 0.1)
      thor (~> 0.20)

GEM
  remote: http://rubygems.org/
  specs:
    byebug (11.0.1)
    concurrent-ruby (1.1.5)
    diff-lcs (1.3)
    et-orbi (1.2.1)
      tzinfo
    fugit (1.3.1)
      et-orbi (~> 1.1, >= 1.1.8)
      raabro (~> 1.1)
    raabro (1.1.6)
    rake (13.0.1)
    rspec (3.8.0)
      rspec-core (~> 3.8.0)
      rspec-expectations (~> 3.8.0)
      rspec-mocks (~> 3.8.0)
    rspec-core (3.8.2)
      rspec-support (~> 3.8.0)
    rspec-expectations (3.8.4)
      diff-lcs (>= 1.2.0, < 2.0)
      rspec-support (~> 3.8.0)
    rspec-mocks (3.8.1)
      diff-lcs (>= 1.2.0, < 2.0)
      rspec-support (~> 3.8.0)
    rspec-support (3.8.2)
    rufus-scheduler (3.6.0)
      fugit (~> 1.1, >= 1.1.6)
    tabulate (0.1.2)
    thor (0.20.3)
    tzinfo (2.0.0)
      concurrent-ruby (~> 1.0)

PLATFORMS
  ruby

DEPENDENCIES
  bundler (~> 2.0)
  byebug (~> 11.0)
  rake (~> 13.0)
  rspec (~> 3.0)
  status-page!

BUNDLED WITH
   2.0.1
